PATH
  remote: .
  specs:
    jshort_cli_project (0.1.0)

GEM
  remote: https://rubygems.org/
  specs:
    rake (12.3.2)

PLATFORMS
  ruby

DEPENDENCIES
  jshort_cli_project!
  rake (~> 12.0)

BUNDLED WITH
   2.1.4
