PATH
  remote: .
  specs:
    jshort_cli_project (0.1.0)
      dotenv
      httparty
      shaken_not_stirred (~> 0.0.7)

GEM
  remote: https://rubygems.org/
  specs:
    coderay (1.1.3)
    dotenv (2.7.6)
    httparty (0.15.7)
      multi_xml (>= 0.5.2)
    method_source (1.0.0)
    multi_xml (0.6.0)
    pry (0.13.1)
      coderay (~> 1.1)
      method_source (~> 1.0)
    rake (12.3.2)
    shaken_not_stirred (0.0.7)
      httparty (~> 0.15.7)

PLATFORMS
  ruby

DEPENDENCIES
  bundler (~> 2.0)
  jshort_cli_project!
  pry
  rake (~> 12.0)

BUNDLED WITH
   2.1.4
